GEM
  remote: http://rubygems.org/
  remote: http://gems.mobme.in/
  specs:
    activemodel (3.1.3)
      activesupport (= 3.1.3)
      builder (~> 3.0.0)
      i18n (~> 0.6)
    activerecord (3.1.3)
      activemodel (= 3.1.3)
      activesupport (= 3.1.3)
      arel (~> 2.2.1)
      tzinfo (~> 0.3.29)
    activesupport (3.1.3)
      multi_json (~> 1.0)
    arel (2.2.3)
    builder (3.0.0)
    carrierwave (0.5.8)
      activesupport (~> 3.0)
    daemons (1.1.8)
    diff-lcs (1.1.3)
    eventmachine (0.12.10)
    ffi (1.0.11)
    guard (1.0.0)
      ffi (>= 0.5.0)
      thor (~> 0.14.6)
    guard-rspec (0.6.0)
      guard (>= 0.10.0)
    hiredis (0.3.2)
    i18n (0.6.0)
    macaddr (1.5.0)
      systemu (>= 2.4.0)
    mini_magick (3.4)
      subexec (~> 0.2.1)
    mobme-infrastructure-configuration (1.0.0)
      activerecord (~> 3.1.0)
      mysql2 (~> 0.3.7)
    mobme-infrastructure-queue (0.9.5)
      yajl-ruby
    mobme-infrastructure-rpc (0.0.8)
      rack
      rpc (= 0.3)
      thin
    mobme-infrastructure-service (0.1.4queue)
      hiredis (~> 0.3.1)
      mobme-infrastructure-configuration
      mobme-infrastructure-queue
      redis (~> 2.2.0)
    multi_json (1.1.0)
    mysql2 (0.3.11)
    rack (1.4.1)
    rake (0.9.2.2)
    random_data (1.5.2)
    redis (2.2.2)
    rpc (0.3)
    rspec (2.8.0)
      rspec-core (~> 2.8.0)
      rspec-expectations (~> 2.8.0)
      rspec-mocks (~> 2.8.0)
    rspec-core (2.8.0)
    rspec-expectations (2.8.0)
      diff-lcs (~> 1.1.2)
    rspec-mocks (2.8.0)
    simplecov (0.6.0)
      multi_json (~> 1.0)
      simplecov-html (~> 0.5.3)
    simplecov-html (0.5.3)
    standalone_migrations (1.0.8)
      activerecord (>= 3)
      rake
    subexec (0.2.1)
    systemu (2.4.2)
    thin (1.3.1)
      daemons (>= 1.0.9)
      eventmachine (>= 0.12.6)
      rack (>= 1.0.0)
    thor (0.14.6)
    tzinfo (0.3.31)
    uuid (2.3.5)
      macaddr (~> 1.0)
    yajl-ruby (1.1.0)

PLATFORMS
  ruby

DEPENDENCIES
  activerecord
  carrierwave
  guard
  guard-rspec
  mini_magick (~> 3.3)
  mobme-infrastructure-queue
  mobme-infrastructure-rpc
  mobme-infrastructure-service (= 0.1.4queue)
  mysql2
  rake
  random_data
  rspec
  simplecov
  standalone_migrations
  uuid
