GIT
  remote: git://git.mobme.in/infrastructure/service.git
  revision: 38f34a7f8bf6f85c018990d2a2ac86005643e7be
  branch: queue
  specs:
    mobme-infrastructure-service (0.1.4)
      hiredis (~> 0.3.1)
      mobme-infrastructure-configuration
      mobme-infrastructure-queue
      redis (~> 2.2.0)

GEM
  remote: http://rubygems.org/
  remote: http://gems.mobme.in/
  specs:
    activemodel (3.1.3)
      activesupport (= 3.1.3)
      builder (~> 3.0.0)
      i18n (~> 0.6)
    activerecord (3.1.3)
      activemodel (= 3.1.3)
      activesupport (= 3.1.3)
      arel (~> 2.2.1)
      tzinfo (~> 0.3.29)
    activesupport (3.1.3)
      multi_json (~> 1.0)
    arel (2.2.1)
    builder (3.0.0)
    carrierwave (0.5.8)
      activesupport (~> 3.0)
    daemons (1.1.4)
    diff-lcs (1.1.3)
    eventmachine (0.12.10)
    hiredis (0.3.2)
    i18n (0.6.0)
    mini_magick (3.3)
      subexec (~> 0.1.0)
    mobme-infrastructure-configuration (1.0.0)
      activerecord (~> 3.1.0)
      mysql2 (~> 0.3.7)
    mobme-infrastructure-queue (0.9.3)
      yajl-ruby
    mobme-infrastructure-rpc (0.0.8)
      rack
      rpc (= 0.3)
      thin
    multi_json (1.0.4)
    mysql2 (0.3.11)
    rack (1.3.5)
    rake (0.9.2.2)
    random_data (1.5.2)
    redis (2.2.2)
    rpc (0.3)
    rspec (2.7.0)
      rspec-core (~> 2.7.0)
      rspec-expectations (~> 2.7.0)
      rspec-mocks (~> 2.7.0)
    rspec-core (2.7.1)
    rspec-expectations (2.7.0)
      diff-lcs (~> 1.1.2)
    rspec-mocks (2.7.0)
    simplecov (0.5.4)
      multi_json (~> 1.0.3)
      simplecov-html (~> 0.5.3)
    simplecov-html (0.5.3)
    standalone_migrations (1.0.5)
      activerecord (>= 3)
      rake
    subexec (0.1.0)
    thin (1.3.1)
      daemons (>= 1.0.9)
      eventmachine (>= 0.12.6)
      rack (>= 1.0.0)
    tzinfo (0.3.31)
    yajl-ruby (1.1.0)

PLATFORMS
  ruby

DEPENDENCIES
  activerecord (~> 3.1.1)
  carrierwave
  mini_magick (~> 3.3)
  mobme-infrastructure-queue
  mobme-infrastructure-rpc
  mobme-infrastructure-service!
  mysql2
  rake
  random_data
  rpc
  rspec
  simplecov
  standalone_migrations
